PATH
  remote: .
  specs:
    haiku-ims-lti (1.1.2)
      builder
      oauth (~> 0.4.2)
      uuid

GEM
  remote: http://rubygems.org/
  specs:
    builder (3.2.2)
    columnize (0.8.9)
    diff-lcs (1.2.5)
    linecache (0.43)
    macaddr (1.7.1)
      systemu (~> 2.6.2)
    oauth (0.4.7)
    rspec (2.0.0)
      rspec-core (= 2.0.0)
      rspec-expectations (= 2.0.0)
      rspec-mocks (= 2.0.0)
    rspec-core (2.0.0)
    rspec-expectations (2.0.0)
      diff-lcs (>= 1.1.2)
    rspec-mocks (2.0.0)
      rspec-core (= 2.0.0)
      rspec-expectations (= 2.0.0)
    ruby-debug (0.10.4)
      columnize (>= 0.1)
      ruby-debug-base (~> 0.10.4.0)
    ruby-debug-base (0.10.4)
      linecache (>= 0.3)
    systemu (2.6.4)
    uuid (2.3.7)
      macaddr (~> 1.0)

PLATFORMS
  ruby

DEPENDENCIES
  haiku-ims-lti!
  linecache (= 0.43)
  rspec (= 2.0.0)
  ruby-debug (= 0.10.4)
